

GROUP Build
NUGET
  remote: http://api.nuget.org/v3/index.json
  specs:
    FAKE (4.21.4)
    FAKE.Lib (4.21.4)
    FAKE.Persimmon (1.0.4)
      FAKE.Lib (>= 4.1)
      Persimmon.Console (>= 1.0.2)
    Microsoft.Bcl (1.1.10)
      Microsoft.Bcl.Build (>= 1.0.14)
    Microsoft.Bcl.Build (1.0.21) - import_targets: false
    Microsoft.Net.Http (2.2.29)
      Microsoft.Bcl (>= 1.1.10)
      Microsoft.Bcl.Build (>= 1.0.14)
    NuGet.CommandLine (3.3)
    Octokit (0.18)
      Microsoft.Net.Http
    Persimmon.Console (1.0.2)
    SourceLink.Fake (1.1)
GITHUB
  remote: fsharp/FAKE
  specs:
    modules/Octokit/Octokit.fsx (58dce73f9a069ae7fbfbae993f5e6f06ed9218d5)
      Octokit
GROUP Test
NUGET
  remote: http://api.nuget.org/v3/index.json
  specs:
    Foq (1.7.1)
    Persimmon (1.0.2)
